GEM
  remote: https://rubygems.org/
  specs:
    addressable (2.3.8)
    docile (1.1.5)
    msgpack (0.5.12)
    oj (2.10.4)
    rake (10.4.2)
    rmath3d (1.2.0)
    transit-ruby (0.8.591)
      addressable (~> 2.3.6)
      msgpack (~> 0.5.8)
      oj (~> 2.10.1)

PLATFORMS
  ruby

DEPENDENCIES
  docile
  rake
  rmath3d
  transit-ruby

BUNDLED WITH
   1.10.6
