GEM
  remote: https://rubygems.org/
  specs:
    addressable (2.3.8)
    coderay (1.1.0)
    docile (1.1.5)
    edn (1.0.8)
    ffi (1.9.10)
    formatador (0.2.5)
    guard (2.13.0)
      formatador (>= 0.2.4)
      listen (>= 2.7, <= 4.0)
      lumberjack (~> 1.0)
      nenv (~> 0.1)
      notiffany (~> 0.0)
      pry (>= 0.9.12)
      shellany (~> 0.0)
      thor (>= 0.18.1)
    guard-rake (1.0.0)
      guard
      rake
    listen (3.0.3)
      rb-fsevent (>= 0.9.3)
      rb-inotify (>= 0.9)
    lumberjack (1.0.9)
    method_source (0.8.2)
    msgpack (0.5.12)
    nenv (0.2.0)
    notiffany (0.0.7)
      nenv (~> 0.1)
      shellany (~> 0.0)
    oj (2.10.4)
    pry (0.10.1)
      coderay (~> 1.1.0)
      method_source (~> 0.8.1)
      slop (~> 3.4)
    rake (10.4.2)
    rb-fsevent (0.9.5)
    rb-inotify (0.9.5)
      ffi (>= 0.5.0)
    rmath3d (1.2.0)
    shellany (0.0.1)
    slop (3.6.0)
    thor (0.19.1)
    transit-ruby (0.8.591)
      addressable (~> 2.3.6)
      msgpack (~> 0.5.8)
      oj (~> 2.10.1)

PLATFORMS
  ruby

DEPENDENCIES
  docile
  edn
  guard
  guard-rake
  rake
  rmath3d
  transit-ruby
